GEM
  remote: https://rubygems.org/
  specs:
    builder (3.2.2)
    hobbit (0.6.0)
      rack
    hobbit-contrib (0.7.1)
      hobbit
    jwt (1.0.0)
    multi_json (1.10.1)
    rack (1.6.0)
    rack-env (0.1.3)
    tilt (1.4.1)
    twilio-ruby (3.14.2)
      builder (>= 2.1.2)
      jwt (~> 1.0.0)
      multi_json (>= 1.3.0)

PLATFORMS
  ruby

DEPENDENCIES
  hobbit
  hobbit-contrib
  rack-env
  tilt
  twilio-ruby (~> 3.12)
